GEM
  remote: http://rubygems.org/
  specs:
    json (1.6.6)
    macaddr (1.5.0)
      systemu (>= 2.4.0)
    systemu (2.5.0)
    uuid (2.3.5)
      macaddr (~> 1.0)
    zmq (2.1.4)

PLATFORMS
  ruby

DEPENDENCIES
  json
  uuid
  zmq
