GEM
  remote: http://rubygems.org/
  specs:
    bond (0.4.3)
    ffi (1.9.0)
    ffi-rzmq (1.0.1)
      ffi
    json (1.6.6)
    macaddr (1.5.0)
      systemu (>= 2.4.0)
    systemu (2.5.0)
    term-ansicolor (1.2.2)
      tins (~> 0.8)
    tins (0.8.2)
    trollop (2.0)
    uuid (2.3.5)
      macaddr (~> 1.0)

PLATFORMS
  ruby

DEPENDENCIES
  bond
  ffi-rzmq
  json
  term-ansicolor
  trollop
  uuid
