GEM
  remote: http://rubygems.org/
  specs:
    addressable (2.2.7)
    coderay (1.0.5)
    em-websocket (0.3.6)
      addressable (>= 2.1.1)
      eventmachine (>= 0.12.9)
    eventmachine (0.12.10)
    json (1.6.6)
    macaddr (1.5.0)
      systemu (>= 2.4.0)
    method_source (0.7.1)
    pry (0.9.8.4)
      coderay (~> 1.0.5)
      method_source (~> 0.7.1)
      slop (>= 2.4.4, < 3)
    slop (2.4.4)
    systemu (2.5.0)
    uuid (2.3.5)
      macaddr (~> 1.0)
    zmq (2.1.4)

PLATFORMS
  ruby

DEPENDENCIES
  em-websocket
  json
  pry
  uuid
  zmq
