GEM
  remote: http://rubygems.org/
  specs:
    addressable (2.2.7)
    em-websocket (0.3.6)
      addressable (>= 2.1.1)
      eventmachine (>= 0.12.9)
    eventmachine (0.12.10)
    ffi (1.9.0)
    ffi-rzmq (1.0.1)
      ffi
    json (1.6.6)
    macaddr (1.5.0)
      systemu (>= 2.4.0)
    systemu (2.5.0)
    term-ansicolor (1.2.2)
      tins (~> 0.8)
    tins (0.8.2)
    trollop (2.0)
    uuid (2.3.5)
      macaddr (~> 1.0)

PLATFORMS
  ruby

DEPENDENCIES
  em-websocket
  ffi-rzmq
  json
  term-ansicolor
  trollop
  uuid
